GIT
  remote: git://github.com/sinatra/sinatra.git
  revision: 91bce0b4b7857eaead6636db577be5c65aa1399d
  specs:
    sinatra (1.4.0)
      rack (~> 1.3, >= 1.3.6)
      rack-protection (~> 1.2)
      tilt (~> 1.3, >= 1.3.3)

GEM
  remote: http://rubygems.org/
  specs:
    haml (3.1.6)
    json (1.5.4)
    mime-types (1.19)
    psych (1.3.3)
    rack (1.4.1)
    rack-protection (1.2.0)
      rack
    rest-client (1.6.7)
      mime-types (>= 1.16)
    tilt (1.3.3)

PLATFORMS
  ruby

DEPENDENCIES
  haml
  json (= 1.5.4)
  psych
  rest-client
  sinatra!
